PATH
  remote: .
  specs:
    coffee_machine (0.1.0)
      commander
      rack
      ruby-kafka
      sord
      webrick
      yard

GEM
  remote: https://rubygems.org/
  specs:
    ast (2.4.2)
    commander (4.6.0)
      highline (~> 2.0.0)
    digest-crc (0.6.4)
      rake (>= 12.0.0, < 14.0.0)
    highline (2.0.3)
    parallel (1.20.1)
    parlour (5.0.0)
      commander (~> 4.5)
      parser
      rainbow (~> 3.0)
      sorbet-runtime (>= 0.5)
    parser (3.0.2.0)
      ast (~> 2.4.1)
    rack (2.2.3)
    rainbow (3.0.0)
    rake (13.0.6)
    regexp_parser (2.1.1)
    rexml (3.2.5)
    rubocop (1.18.4)
      parallel (~> 1.10)
      parser (>= 3.0.0.0)
      rainbow (>= 2.2.2, < 4.0)
      regexp_parser (>= 1.8, < 3.0)
      rexml
      rubocop-ast (>= 1.8.0, < 2.0)
      ruby-progressbar (~> 1.7)
      unicode-display_width (>= 1.4.0, < 3.0)
    rubocop-ast (1.8.0)
      parser (>= 3.0.1.1)
    ruby-kafka (1.3.0)
      digest-crc
    ruby-progressbar (1.11.0)
    sorbet-runtime (0.5.6537)
    sord (3.0.1)
      commander (~> 4.5)
      parlour (~> 5.0)
      sorbet-runtime
      yard
    unicode-display_width (2.0.0)
    webrick (1.7.0)
    yard (0.9.26)

PLATFORMS
  x86_64-darwin-20

DEPENDENCIES
  coffee_machine!
  rake (~> 13.0)
  rubocop (~> 1.7)

BUNDLED WITH
   2.2.22
